GIT
  remote: git://github.com/applidium/clarke-messenger.git
  revision: 304d29039ecb12f15a56a9943942a3a6cf71f726
  specs:
    clarke-messenger (0.1.0)
      clarke (~> 0.1.0)
      http

GIT
  remote: git://github.com/applidium/clarke.git
  revision: 3c408ac0776adb4c9b602aafcb3b8488f4f23ab5
  specs:
    clarke (0.1.0)

GEM
  remote: https://rubygems.org/
  specs:
    aasm (4.11.1)
    activemodel (5.0.0.1)
      activesupport (= 5.0.0.1)
    activerecord (5.0.0.1)
      activemodel (= 5.0.0.1)
      activesupport (= 5.0.0.1)
      arel (~> 7.0)
    activesupport (5.0.0.1)
      concurrent-ruby (~> 1.0, >= 1.0.2)
      i18n (~> 0.7)
      minitest (~> 5.1)
      tzinfo (~> 1.1)
    addressable (2.5.0)
      public_suffix (~> 2.0, >= 2.0.2)
    arel (7.1.4)
    byebug (9.0.6)
    concurrent-ruby (1.0.2)
    crack (0.4.3)
      safe_yaml (~> 1.0.0)
    domain_name (0.5.20161021)
      unf (>= 0.0.5, < 1.0.0)
    dotenv (2.1.1)
    factory_girl (4.7.0)
      activesupport (>= 3.0.0)
    hashdiff (0.3.0)
    http (2.1.0)
      addressable (~> 2.3)
      http-cookie (~> 1.0)
      http-form_data (~> 1.0.1)
      http_parser.rb (~> 0.6.0)
    http-cookie (1.0.3)
      domain_name (~> 0.5)
    http-form_data (1.0.1)
    http_parser.rb (0.6.0)
    i18n (0.7.0)
    minitest (5.9.1)
    passenger (5.0.30)
      rack
      rake (>= 0.8.1)
    pg (0.19.0)
    power_assert (0.3.1)
    public_suffix (2.0.4)
    rack (1.6.4)
    rack-protection (1.5.3)
      rack
    rack-test (0.6.3)
      rack (>= 1.0)
    rake (11.2.2)
    safe_yaml (1.0.4)
    sinatra (1.4.7)
      rack (~> 1.5)
      rack-protection (~> 1.4)
      tilt (>= 1.3, < 3)
    sinatra-activerecord (2.0.11)
      activerecord (>= 3.2)
      sinatra (~> 1.0)
    test-unit (3.2.2)
      power_assert
    test-unit-context (0.5.1)
      test-unit (>= 2.4.0)
    thread_safe (0.3.5)
    tilt (2.0.5)
    tzinfo (1.2.2)
      thread_safe (~> 0.1)
    unf (0.1.4)
      unf_ext
    unf_ext (0.0.7.2)
    vcr (3.0.3)
    webmock (2.1.0)
      addressable (>= 2.3.6)
      crack (>= 0.3.2)
      hashdiff

PLATFORMS
  ruby

DEPENDENCIES
  aasm (~> 4.11.1)
  activesupport (~> 5.0.0)
  byebug (~> 9.0.5)
  clarke (~> 0.1.0)!
  clarke-messenger (~> 0.1.0)!
  dotenv (~> 2.1)
  factory_girl (~> 4.0)
  i18n (~> 0.7.0)
  passenger (~> 5.0.30)
  pg (~> 0.19.0)
  rack-test (~> 0.6.3)
  rake (~> 11.2.2)
  sinatra (~> 1.4.7)
  sinatra-activerecord (~> 2.0.10)
  test-unit (~> 3.2.1)
  test-unit-context (~> 0.5.1)
  vcr (~> 3.0.3)
  webmock (~> 2.1.0)

RUBY VERSION
   ruby 2.3.1p112

BUNDLED WITH
   1.12.5
